GEM
  remote: https://rubygems.org/
  specs:
    activemodel (6.1.4.1)
      activesupport (= 6.1.4.1)
    activesupport (6.1.4.1)
      concurrent-ruby (~> 1.0, >= 1.0.2)
      i18n (>= 1.6, < 2)
      minitest (>= 5.1)
      tzinfo (~> 2.0)
      zeitwerk (~> 2.3)
    addressable (2.8.0)
      public_suffix (>= 2.0.2, < 5.0)
    byebug (11.1.3)
    certificate_authority (0.1.6)
      activemodel (>= 3.0.6)
    clamp (1.3.2)
    coderay (1.1.3)
    concurrent-ruby (1.1.9)
    domain_name (0.5.20190701)
      unf (>= 0.0.5, < 1.0.0)
    dot_hash (0.5.9)
    evil-proxy (0.2.0)
    faraday (0.17.4)
      multipart-post (>= 1.2, < 3)
    ffi (1.15.4)
    ffi-compiler (1.0.1)
      ffi (>= 1.0.0)
      rake
    filesize (0.2.0)
    http (5.0.1)
      addressable (~> 2.3)
      http-cookie (~> 1.0)
      http-form_data (~> 2.2)
      llhttp-ffi (~> 0.3.0)
    http-cookie (1.0.4)
      domain_name (~> 0.5)
    http-form_data (2.3.0)
    i18n (1.8.10)
      concurrent-ruby (~> 1.0)
    jsobfu (0.4.2)
      rkelly-remix
    json (2.5.1)
    llhttp-ffi (0.3.1)
      ffi-compiler (~> 1.0)
      rake (~> 13.0)
    metasm (1.0.5)
    method_source (1.0.0)
    minitest (5.14.4)
    multipart-post (2.1.1)
    nokogiri (1.12.4-x86_64-linux)
      racc (~> 1.4)
    pry (0.13.1)
      coderay (~> 1.1)
      method_source (~> 1.0)
    pry-byebug (3.9.0)
      byebug (~> 11.0)
      pry (~> 0.13.0)
    public_suffix (4.0.6)
    racc (1.5.2)
    rake (13.0.6)
    rb-readline (0.5.5)
    rex (2.0.13)
      filesize (~> 0)
      jsobfu (~> 0)
      json (~> 2)
      metasm (~> 1)
      nokogiri (~> 1)
      rb-readline (~> 0)
    ritm (1.0.3)
      certificate_authority (~> 0.1.6)
      dot_hash (~> 0.5)
      faraday (~> 0.13)
      webrick (~> 1.3)
    rkelly-remix (0.0.7)
    tzinfo (2.0.4)
      concurrent-ruby (~> 1.0)
    unf (0.1.4)
      unf_ext
    unf_ext (0.0.7.7)
    webrick (1.7.0)
    zeitwerk (2.4.2)

PLATFORMS
  x86_64-linux

DEPENDENCIES
  clamp
  evil-proxy
  http
  pry-byebug
  rex
  ritm
  webrick

BUNDLED WITH
   2.2.15
